GEM
  remote: https://rubygems.org/
  specs:
    execjs (2.0.2)
    libv8 (3.16.14.3)
    multi_json (1.8.1)
    rake (10.1.0)
    ref (1.0.5)
    therubyracer (0.12.0)
      libv8 (~> 3.16.14.0)
      ref
    uglifier (2.2.1)
      execjs (>= 0.3.0)
      multi_json (~> 1.0, >= 1.0.2)

PLATFORMS
  ruby

DEPENDENCIES
  rake
  therubyracer
  uglifier
